GEM
  remote: http://rubygems.org/
  specs:
    activesupport (2.3.10)
    git (1.2.5)
    rubigen (1.5.5)
      activesupport (~> 2.3.5)

PLATFORMS
  ruby

DEPENDENCIES
  git (= 1.2.5)
  rubigen (= 1.5.5)
